GIT
  remote: git://github.com/opal/opal-browser.git
  revision: d53cd7212853079ca81a108e402cd8722f4b4df4
  specs:
    opal-browser (0.2.0)
      opal
      paggio

GIT
  remote: git://github.com/opal/opal-haml.git
  revision: 3996e34c67bbf7832f005ea7325465a8d482c18a
  specs:
    opal-haml (0.3.0)
      haml
      opal (>= 0.5.0, < 1.0.0)

GIT
  remote: git://github.com/opal/opal.git
  revision: 6861dbd9b3954f3bc8d9d59d540f1ba3bf595ba1
  specs:
    opal (0.9.0.dev)
      hike (~> 1.2)
      sourcemap (~> 0.1.0)
      sprockets (~> 3.1)
      tilt (>= 1.4)

GEM
  remote: https://rubygems.org/
  specs:
    haml (4.0.6)
      tilt
    hike (1.2.3)
    paggio (0.2.4)
    rack (1.6.4)
    sourcemap (0.1.1)
    sprockets (3.2.0)
      rack (~> 1.0)
    tilt (2.0.1)

PLATFORMS
  ruby

DEPENDENCIES
  opal!
  opal-browser!
  opal-haml!
